PATH
  remote: .
  specs:
    reimagine2 (2.0.55)
      coffee-rails
      rails
      sass-rails
      zurb-foundation (~> 4)

GEM
  remote: https://rubygems.org/
  specs:
    actionmailer (3.2.15)
      actionpack (= 3.2.15)
      mail (~> 2.5.4)
    actionpack (3.2.15)
      activemodel (= 3.2.15)
      activesupport (= 3.2.15)
      builder (~> 3.0.0)
      erubis (~> 2.7.0)
      journey (~> 1.0.4)
      rack (~> 1.4.5)
      rack-cache (~> 1.2)
      rack-test (~> 0.6.1)
      sprockets (~> 2.2.1)
    activemodel (3.2.15)
      activesupport (= 3.2.15)
      builder (~> 3.0.0)
    activerecord (3.2.15)
      activemodel (= 3.2.15)
      activesupport (= 3.2.15)
      arel (~> 3.0.2)
      tzinfo (~> 0.3.29)
    activeresource (3.2.15)
      activemodel (= 3.2.15)
      activesupport (= 3.2.15)
    activesupport (3.2.15)
      i18n (~> 0.6, >= 0.6.4)
      multi_json (~> 1.0)
    addressable (2.3.5)
    arel (3.0.3)
    builder (3.0.4)
    byebug (2.7.0)
      columnize (~> 0.3)
      debugger-linecache (~> 1.2)
    capybara (2.1.0)
      mime-types (>= 1.16)
      nokogiri (>= 1.3.3)
      rack (>= 1.0.0)
      rack-test (>= 0.5.4)
      xpath (~> 2.0)
    coderay (1.0.9)
    coffee-rails (3.2.2)
      coffee-script (>= 2.2.0)
      railties (~> 3.2.0)
    coffee-script (2.4.1)
      coffee-script-source
      execjs
    coffee-script-source (1.12.2)
    columnize (0.9.0)
    daemons (1.1.9)
    debugger (1.6.8)
      columnize (>= 0.3.1)
      debugger-linecache (~> 1.2.0)
      debugger-ruby_core_source (~> 1.3.5)
    debugger-linecache (1.2.0)
    debugger-ruby_core_source (1.3.8)
    diff-lcs (1.2.4)
    dotenv (0.9.0)
    erubis (2.7.0)
    eventmachine (1.0.3)
    execjs (2.8.1)
    ffi (1.15.5)
    foreman (0.63.0)
      dotenv (>= 0.7)
      thor (>= 0.13.6)
    hike (1.2.3)
    i18n (0.6.5)
    journey (1.0.4)
    jquery-rails (3.0.4)
      railties (>= 3.0, < 5.0)
      thor (>= 0.14, < 2.0)
    json (1.8.1)
    launchy (2.3.0)
      addressable (~> 2.3)
    mail (2.5.4)
      mime-types (~> 1.16)
      treetop (~> 1.4.8)
    method_source (0.8.2)
    mime-types (1.25.1)
    mini_portile2 (2.8.1)
    multi_json (1.8.2)
    nokogiri (1.14.3)
      mini_portile2 (~> 2.8.0)
      racc (~> 1.4)
    polyglot (0.3.3)
    pry (0.9.12.2)
      coderay (~> 1.0.5)
      method_source (~> 0.8)
      slop (~> 3.4)
    pry-byebug (1.3.2)
      byebug (~> 2.7)
      pry (~> 0.9.12)
    pry-debugger (0.2.3)
      debugger (~> 1.3)
      pry (>= 0.9.10, < 0.11.0)
    racc (1.6.2)
    rack (1.4.5)
    rack-cache (1.2)
      rack (>= 0.4)
    rack-ssl (1.3.3)
      rack
    rack-test (0.6.2)
      rack (>= 1.0)
    rails (3.2.15)
      actionmailer (= 3.2.15)
      actionpack (= 3.2.15)
      activerecord (= 3.2.15)
      activeresource (= 3.2.15)
      activesupport (= 3.2.15)
      bundler (~> 1.0)
      railties (= 3.2.15)
    railties (3.2.15)
      actionpack (= 3.2.15)
      activesupport (= 3.2.15)
      rack-ssl (~> 1.3.2)
      rake (>= 0.8.7)
      rdoc (~> 3.4)
      thor (>= 0.14.6, < 2.0)
    rake (10.1.0)
    rb-fsevent (0.11.2)
    rb-inotify (0.10.1)
      ffi (~> 1.0)
    rdoc (3.12.2)
      json (~> 1.4)
    rspec-core (2.14.4)
    rspec-expectations (2.14.1)
      diff-lcs (>= 1.1.3, < 2.0)
    rspec-mocks (2.14.3)
    rspec-rails (2.14.0)
      actionpack (>= 3.0)
      activesupport (>= 3.0)
      railties (>= 3.0)
      rspec-core (~> 2.14.0)
      rspec-expectations (~> 2.14.0)
      rspec-mocks (~> 2.14.0)
    sass (3.7.4)
      sass-listen (~> 4.0.0)
    sass-listen (4.0.0)
      rb-fsevent (~> 0.9, >= 0.9.4)
      rb-inotify (~> 0.9, >= 0.9.7)
    sass-rails (3.2.6)
      railties (~> 3.2.0)
      sass (>= 3.1.10)
      tilt (~> 1.3)
    slop (3.4.6)
    sprockets (2.2.2)
      hike (~> 1.2)
      multi_json (~> 1.0)
      rack (~> 1.0)
      tilt (~> 1.1, != 1.3.0)
    steak (2.0.0)
      capybara (>= 1.0.0)
      rspec-rails (>= 2.5.0)
    thin (1.5.1)
      daemons (>= 1.0.9)
      eventmachine (>= 0.12.6)
      rack (>= 1.0.0)
    thor (0.18.1)
    tilt (1.4.1)
    treetop (1.4.15)
      polyglot
      polyglot (>= 0.3.1)
    tzinfo (0.3.38)
    xpath (2.0.0)
      nokogiri (~> 1.3)
    zurb-foundation (4.3.2)
      sass (>= 3.2.0)

PLATFORMS
  ruby

DEPENDENCIES
  foreman
  jquery-rails
  launchy
  pry
  pry-byebug
  pry-debugger
  rails (~> 3.2)
  reimagine2!
  rspec-rails (~> 2.0)
  steak
  thin
